GEM
  remote: https://rubygems.org/
  specs:
    CFPropertyList (2.2.8)
    facter (2.0.1)
      CFPropertyList (~> 2.2.6)
    git (1.2.7)
    hiera (1.3.3)
      json_pure
    json (1.8.1)
    json-schema (2.2.4)
    json_pure (1.8.1)
    mcollective-client (2.5.2)
      json
      stomp
      systemu
    net-ping (1.7.4)
    puppet (3.6.1)
      facter (> 1.6, < 3)
      hiera (~> 1.0)
      json_pure
      rgen (~> 0.6.5)
    rgen (0.6.6)
    stomp (1.3.2)
    systemu (2.6.4)

PLATFORMS
  ruby

DEPENDENCIES
  git (= 1.2.7)
  json-schema (= 2.2.4)
  mcollective-client (= 2.5.2)
  net-ping
  puppet (= 3.6.1)
